PATH
  remote: .
  specs:
    hq-mongodb-check-collection-size (0.0.1)
      bson_ext (>= 1.8.5)
      hq-tools (>= 0.8.0)
      mongo (>= 1.8.5)

GEM
  remote: https://rubygems.org/
  specs:
    bson (1.8.5)
    bson_ext (1.8.5)
      bson (~> 1.8.5)
    builder (3.2.0)
    cucumber (1.3.1)
      builder (>= 2.1.2)
      diff-lcs (>= 1.1.3)
      gherkin (~> 2.12.0)
      multi_json (~> 1.3)
    diff-lcs (1.2.4)
    gherkin (2.12.0)
      multi_json (~> 1.3)
    hq-tools (0.8.0)
    json (1.7.7)
    mongo (1.8.5)
      bson (~> 1.8.5)
    multi_json (1.7.3)
    rake (10.0.4)
    rspec (2.13.0)
      rspec-core (~> 2.13.0)
      rspec-expectations (~> 2.13.0)
      rspec-mocks (~> 2.13.0)
    rspec-core (2.13.1)
    rspec-expectations (2.13.0)
      diff-lcs (>= 1.1.3, < 2.0)
    rspec-mocks (2.13.1)
    rspec_junit_formatter (0.1.6)
      builder
      rspec (~> 2.0)
      rspec-core (!= 2.12.0)
    simplecov (0.7.1)
      multi_json (~> 1.0)
      simplecov-html (~> 0.7.1)
    simplecov-html (0.7.1)

PLATFORMS
  ruby

DEPENDENCIES
  cucumber (>= 1.3.1)
  hq-mongodb-check-collection-size!
  json (>= 1.7.7)
  rake (>= 10.0.4)
  rspec (>= 2.13.0)
  rspec_junit_formatter (>= 0.1.6)
  simplecov (>= 0.7.1)
